GEM
  remote: http://rubygems.org/
  specs:
    ParseTree (3.0.9)
      RubyInline (~> 3.9.0)
      sexp_processor (~> 3.2.0)
    RubyInline (3.9.0)
      ZenTest (~> 4.3)
    ZenTest (4.7.0)
    addressable (2.2.8)
    bcrypt-ruby (3.0.1)
    daemons (1.1.8)
    data_objects (0.10.8)
      addressable (~> 2.1)
    diff-lcs (1.1.3)
    dm-aggregates (1.2.0)
      dm-core (~> 1.2.0)
    dm-constraints (1.2.0)
      dm-core (~> 1.2.0)
    dm-core (1.2.0)
      addressable (~> 2.2.6)
    dm-do-adapter (1.2.0)
      data_objects (~> 0.10.6)
      dm-core (~> 1.2.0)
    dm-migrations (1.2.0)
      dm-core (~> 1.2.0)
    dm-serializer (1.2.1)
      dm-core (~> 1.2.0)
      fastercsv (~> 1.5.4)
      json (~> 1.6.1)
      json_pure (~> 1.6.1)
      multi_json (~> 1.0.3)
    dm-sqlite-adapter (1.2.0)
      dm-do-adapter (~> 1.2.0)
      do_sqlite3 (~> 0.10.6)
    dm-timestamps (1.2.0)
      dm-core (~> 1.2.0)
    dm-types (1.2.1)
      bcrypt-ruby (~> 3.0.0)
      dm-core (~> 1.2.0)
      fastercsv (~> 1.5.4)
      json (~> 1.6.1)
      multi_json (~> 1.0.3)
      stringex (~> 1.3.0)
      uuidtools (~> 2.1.2)
    dm-validations (1.2.0)
      dm-core (~> 1.2.0)
    do_sqlite3 (0.10.8)
      data_objects (= 0.10.8)
    erubis (2.7.0)
    eventmachine (0.12.10)
    extlib (0.9.15)
    fastercsv (1.5.4)
    highline (1.6.11)
    json (1.6.7)
    json_pure (1.6.7)
    mailfactory (1.4.0)
      mime-types (>= 1.13.1)
    merb-action-args (1.1.3)
      ParseTree (>= 2.1.1)
      merb-core (~> 1.1.3)
      ruby2ruby (>= 1.1.9)
    merb-assets (1.1.3)
      merb-core (~> 1.1.3)
    merb-auth-core (1.1.1)
      merb-core (~> 1.1)
    merb-auth-more (1.1.1)
      merb-auth-core (~> 1.1.1)
    merb-auth-slice-password (1.1.1)
      merb-auth-core (~> 1.1.1)
      merb-auth-more (~> 1.1.1)
      merb-slices (~> 1.1)
    merb-cache (1.1.3)
      merb-core (~> 1.1.3)
    merb-core (1.1.3)
      bundler
      erubis (>= 2.6.2)
      extlib (>= 0.9.13)
      mime-types (>= 1.16)
      rack
      rake
    merb-exceptions (1.1.3)
      merb-core (~> 1.1.3)
      merb-mailer (~> 1.1.3)
    merb-gen (1.1.3)
      merb-core (~> 1.1.3)
      templater (>= 1.0.0)
    merb-helpers (1.1.3)
      merb-core (~> 1.1.3)
    merb-mailer (1.1.3)
      mailfactory (>= 1.2.3)
      merb-core (~> 1.1.3)
    merb-param-protection (1.1.3)
      merb-core (~> 1.1.3)
    merb-slices (1.1.3)
      merb-core (~> 1.1.3)
    merb_datamapper (1.1.3)
      dm-core (>= 1.0)
      dm-migrations (>= 1.0)
      merb-core (~> 1.1)
    mime-types (1.18)
    multi_json (1.0.4)
    rack (1.4.1)
    rake (0.9.2.2)
    ruby2ruby (1.3.1)
      ruby_parser (~> 2.0)
      sexp_processor (~> 3.0)
    ruby_parser (2.3.1)
      sexp_processor (~> 3.0)
    sexp_processor (3.2.0)
    stringex (1.3.3)
    templater (1.0.0)
      diff-lcs (>= 1.1.2)
      extlib (>= 0.9.5)
      highline (>= 1.4.0)
    thin (1.3.1)
      daemons (>= 1.0.9)
      eventmachine (>= 0.12.6)
      rack (>= 1.0.0)
    uuidtools (2.1.2)

PLATFORMS
  ruby

DEPENDENCIES
  dm-aggregates (~> 1.0)
  dm-constraints (~> 1.0)
  dm-core (~> 1.0)
  dm-migrations (~> 1.0)
  dm-serializer (~> 1.0)
  dm-sqlite-adapter (~> 1.0)
  dm-timestamps (~> 1.0)
  dm-types (~> 1.0)
  dm-validations (~> 1.0)
  json_pure (>= 1.1.7)
  merb-action-args (= 1.1.3)
  merb-assets (= 1.1.3)
  merb-auth-core (~> 1.1.0)
  merb-auth-more (~> 1.1.0)
  merb-auth-slice-password (~> 1.1.0)
  merb-cache (= 1.1.3)
  merb-core (= 1.1.3)
  merb-exceptions (= 1.1.3)
  merb-gen (= 1.1.3)
  merb-helpers (= 1.1.3)
  merb-mailer (= 1.1.3)
  merb-param-protection (= 1.1.3)
  merb-slices (= 1.1.3)
  merb_datamapper (~> 1.1.0)
  thin
